GEM
  remote: http://rubygems.org/
  specs:
    codecode-common-utils (0.1.5)
    concurrent-ruby (1.0.5)
    diff-lcs (1.3)
    faker (1.8.4)
      i18n (~> 0.5)
    i18n (0.9.1)
      concurrent-ruby (~> 1.0)
    pg (0.21.0)
    rspec (3.7.0)
      rspec-core (~> 3.7.0)
      rspec-expectations (~> 3.7.0)
      rspec-mocks (~> 3.7.0)
    rspec-core (3.7.0)
      rspec-support (~> 3.7.0)
    rspec-expectations (3.7.0)
      diff-lcs (>= 1.2.0, < 2.0)
      rspec-support (~> 3.7.0)
    rspec-mocks (3.7.0)
      diff-lcs (>= 1.2.0, < 2.0)
      rspec-support (~> 3.7.0)
    rspec-support (3.7.0)
    sequel (4.49.0)
    sequel-postgres-schemata (0.1.1)
      sequel (~> 4.3)
    sequel_pg (1.7.1)
      pg (>= 0.8.0)
      sequel (>= 4.0.0)

PLATFORMS
  ruby

DEPENDENCIES
  codecode-common-utils (~> 0.1.3)
  faker
  pg
  rspec
  sequel (< 5)
  sequel-postgres-schemata
  sequel_pg

RUBY VERSION
   ruby 2.4.2p198

BUNDLED WITH
   1.16.0
